GEM
  remote: https://rubygems.org/
  specs:
    aggregate (0.2.2)
    artifice (0.6)
      rack-test
    atomic (1.1.13)
    avl_tree (1.1.3)
    curb (0.8.4)
    curb-fu (0.6.2)
      curb (>= 0.5.4.0)
      rack-test (>= 0.2.0)
    diff-lcs (1.2.4)
    dotenv (0.9.0)
    faraday (0.8.8)
      multipart-post (~> 1.2.0)
    fastly (1.00)
      curb (>= 0.7.15)
      curb-fu (>= 0.6.1)
      json
      rdoc (>= 3.11)
    hitimes (1.2.1)
    honeybadger (1.8.0)
      json
    json (1.8.0)
    librato-metrics (1.1.1)
      aggregate (~> 0.2.2)
      faraday (~> 0.7)
      multi_json
    lock-smith (1.0.0)
    metriks (0.9.9.5)
      atomic (~> 1.0)
      avl_tree (~> 1.1.2)
      hitimes (~> 1.1)
    metriks-middleware (2.1.1)
      metriks (~> 0.9.9)
    multi_json (1.7.9)
    multipart-post (1.2.0)
    pg (0.16.0)
    puma (2.5.1)
      rack (>= 1.1, < 2.0)
    rack (1.5.2)
    rack-protection (1.5.0)
      rack
    rack-test (0.6.2)
      rack (>= 1.0)
    rake (10.1.0)
    rdoc (4.0.1)
      json (~> 1.4)
    rspec-core (2.14.5)
    rspec-expectations (2.14.2)
      diff-lcs (>= 1.1.3, < 2.0)
    rspec-mocks (2.14.3)
    sequel (4.2.0)
    sequel_pg (1.6.8)
      pg (>= 0.8.0)
      sequel (>= 3.39.0)
    sinatra (1.4.3)
      rack (~> 1.4)
      rack-protection (~> 1.4)
      tilt (~> 1.3, >= 1.3.4)
    tilt (1.4.1)

PLATFORMS
  ruby

DEPENDENCIES
  artifice
  dotenv
  fastly
  honeybadger
  librato-metrics
  lock-smith
  metriks
  metriks-middleware
  pg
  puma
  rack-test
  rake
  rspec-core
  rspec-expectations
  rspec-mocks
  sequel
  sequel_pg
  sinatra
