GEM
  remote: https://rubygems.org/
  specs:
    aggregate (0.2.2)
    atomic (1.0.1)
    avl_tree (1.1.3)
    faraday (0.8.4)
      multipart-post (~> 1.1)
    hitimes (1.1.1)
    librato-metrics (0.7.3)
      aggregate (~> 0.2.2)
      faraday (~> 0.7)
      multi_json (~> 1.3)
    lock-smith (0.0.9)
    metriks (0.9.9.1)
      atomic (~> 1.0)
      avl_tree (~> 1.1.2)
      hitimes (~> 1.1)
    multi_json (1.3.6)
    multipart-post (1.1.5)
    pg (0.14.1)
    puma (1.6.3)
      rack (~> 1.2)
    rack (1.4.1)
    rack-protection (1.2.0)
      rack
    rake (0.9.2.2)
    sequel (3.40.0)
    sequel_pg (1.6.0)
      pg (>= 0.8.0)
      sequel (>= 3.39.0)
    sinatra (1.3.3)
      rack (~> 1.3, >= 1.3.6)
      rack-protection (~> 1.2)
      tilt (~> 1.3, >= 1.3.3)
    tilt (1.3.3)

PLATFORMS
  ruby

DEPENDENCIES
  librato-metrics
  lock-smith
  metriks
  pg
  puma
  rake
  sequel
  sequel_pg
  sinatra
